GEM
  remote: http://rubygems.org/
  specs:
    diff-lcs (1.5.0)
    ffi (1.16.3)
    rspec (3.12.0)
      rspec-core (~> 3.12.0)
      rspec-expectations (~> 3.12.0)
      rspec-mocks (~> 3.12.0)
    rspec-core (3.12.2)
      rspec-support (~> 3.12.0)
    rspec-expectations (3.12.3)
      diff-lcs (>= 1.2.0, < 2.0)
      rspec-support (~> 3.12.0)
    rspec-mocks (3.12.6)
      diff-lcs (>= 1.2.0, < 2.0)
      rspec-support (~> 3.12.0)
    rspec-support (3.12.1)
    sys-proctable (1.3.0)
      ffi (~> 1.1)

PLATFORMS
  arm64-darwin-21
  arm64-darwin-22
  ruby
  x86_64-linux

DEPENDENCIES
  rspec (~> 3.5)
  sys-proctable (~> 1.3)

BUNDLED WITH
   2.4.22
